PATH
  remote: .
  specs:
    phalapi (1.3.4)

GEM
  remote: https://rubygems.org/
  specs:
    minitest (5.9.0)
    rake (10.5.0)

PLATFORMS
  ruby

DEPENDENCIES
  bundler (~> 1.10)
  minitest
  phalapi!
  rake (~> 10.0)

BUNDLED WITH
   1.10.6
